GEM
  remote: https://rubygems.org/
  specs:
    coderay (1.1.3)
    method_source (1.0.0)
    mini_portile2 (2.4.0)
    nokogiri (1.10.10)
      mini_portile2 (~> 2.4.0)
    nokogiri (1.10.10-x64-mingw32)
      mini_portile2 (~> 2.4.0)
    open_uri_redirections (0.2.1)
    pry (0.13.1)
      coderay (~> 1.1)
      method_source (~> 1.0)

PLATFORMS
  ruby
  x64-mingw32

DEPENDENCIES
  nokogiri (~> 1.10, >= 1.10.5)
  open_uri_redirections (~> 0.2.1)
  pry

BUNDLED WITH
   1.17.3
